GEM
  remote: http://rubygems.org/
  specs:
    RedCloth (4.2.3)
    classifier (1.3.1)
      stemmer (>= 1.0.0)
    directory_watcher (1.3.1)
    gsl (1.12.109)
      narray (>= 0.5.9)
    jekyll (0.5.4)
      RedCloth (>= 4.2.1)
      classifier (>= 1.3.1)
      directory_watcher (>= 1.1.1)
      liquid (>= 1.9.0)
      maruku (>= 0.5.9)
      open4 (>= 0.9.6)
    liquid (2.0.0)
    maruku (0.6.0)
      syntax (>= 1.0.0)
    narray (0.5.9.7)
    open4 (1.0.1)
    rake (0.8.7)
    stemmer (1.0.1)
    syntax (1.0.0)

PLATFORMS
  ruby

DEPENDENCIES
  bundler
  gsl
  jekyll
  rake
